PATH
  remote: .
  specs:
    synclenote (0.0.0)
      evernote_oauth
      redcarpet
      thor

GEM
  remote: https://rubygems.org/
  specs:
    debug (1.6.1)
      irb (>= 1.3.6)
      reline (>= 0.3.1)
    evernote-thrift (1.25.2)
    evernote_oauth (0.2.3)
      evernote-thrift
      oauth (>= 0.4.1)
    io-console (0.5.11)
    irb (1.4.1)
      reline (>= 0.3.0)
    oauth (0.5.6)
    rake (13.0.6)
    redcarpet (3.5.1)
    reline (0.3.1)
      io-console (~> 0.5)
    thor (1.2.1)

PLATFORMS
  x86_64-linux

DEPENDENCIES
  bundler
  debug
  rake
  synclenote!

BUNDLED WITH
   2.3.10
