PATH
  remote: .
  specs:
    synclenote (0.0.0)
      evernote_oauth
      redcarpet
      thor

GEM
  remote: https://rubygems.org/
  specs:
    evernote-thrift (1.25.2)
    evernote_oauth (0.2.3)
      evernote-thrift
      oauth (>= 0.4.1)
    oauth (0.5.6)
    rake (13.0.6)
    redcarpet (3.5.1)
    thor (1.2.1)

PLATFORMS
  x86_64-linux

DEPENDENCIES
  bundler
  rake
  synclenote!

BUNDLED WITH
   2.2.23
