PATH
  remote: .
  specs:
    synclenote (0.0.1)
      evernote_oauth
      redcarpet
      thor

GEM
  remote: https://rubygems.org/
  specs:
    debug (1.6.2)
      irb (>= 1.3.6)
      reline (>= 0.3.1)
    evernote-thrift (1.25.2)
    evernote_oauth (0.2.3)
      evernote-thrift
      oauth (>= 0.4.1)
    hashie (5.0.0)
    io-console (0.5.11)
    irb (1.4.1)
      reline (>= 0.3.0)
    oauth (1.1.0)
      oauth-tty (~> 1.0, >= 1.0.1)
      snaky_hash (~> 2.0)
      version_gem (~> 1.1)
    oauth-tty (1.0.5)
      version_gem (~> 1.1, >= 1.1.1)
    rake (13.0.6)
    redcarpet (3.6.0)
    reline (0.3.1)
      io-console (~> 0.5)
    snaky_hash (2.0.1)
      hashie
      version_gem (~> 1.1, >= 1.1.1)
    thor (1.3.0)
    version_gem (1.1.3)

PLATFORMS
  x86_64-linux

DEPENDENCIES
  bundler
  debug
  rake
  synclenote!

BUNDLED WITH
   2.3.10
